GEM
  remote: https://rubygems.org/
  specs:
    builder (3.2.2)
    dropbox-sdk (1.6.5)
      json
    json (2.0.2)
    json (2.0.2-java)
    jwt (1.5.6)
    multi_json (1.12.1)
    rack (1.6.5)
    rack-protection (1.5.3)
      rack
    sinatra (1.4.7)
      rack (~> 1.5)
      rack-protection (~> 1.4)
      tilt (>= 1.3, < 3)
    tilt (2.0.5)
    twilio-ruby (4.13.0)
      builder (>= 2.1.2)
      jwt (~> 1.0)
      multi_json (>= 1.3.0)

PLATFORMS
  java
  ruby

DEPENDENCIES
  dropbox-sdk
  rack
  sinatra
  twilio-ruby

RUBY VERSION
   ruby 2.2.4p230

BUNDLED WITH
   1.13.6
